PATH
  remote: .
  specs:
    glebtv-carrierwave-mongoid (0.6.0)
      carrierwave (~> 0.9.0)
      mongoid (>= 3.0, < 5.0)

GEM
  remote: http://rubygems.org/
  specs:
    activemodel (3.2.13)
      activesupport (= 3.2.13)
      builder (~> 3.0.0)
    activesupport (3.2.13)
      i18n (= 0.6.1)
      multi_json (~> 1.0)
    builder (3.0.4)
    carrierwave (0.9.0)
      activemodel (>= 3.2.0)
      activesupport (>= 3.2.0)
      json (>= 1.7)
    coderay (1.0.9)
    diff-lcs (1.2.4)
    i18n (0.6.1)
    json (1.8.0)
    method_source (0.8.1)
    mini_magick (3.6.0)
      subexec (~> 0.2.1)
    mongoid (3.1.4)
      activemodel (~> 3.2)
      moped (~> 1.4)
      origin (~> 1.0)
      tzinfo (~> 0.3.22)
    moped (1.5.0)
    multi_json (1.7.7)
    origin (1.1.0)
    pry (0.9.12.2)
      coderay (~> 1.0.5)
      method_source (~> 0.8)
      slop (~> 3.4)
    rake (10.1.0)
    rspec (2.14.0)
      rspec-core (~> 2.14.0)
      rspec-expectations (~> 2.14.0)
      rspec-mocks (~> 2.14.0)
    rspec-core (2.14.0)
    rspec-expectations (2.14.0)
      diff-lcs (>= 1.1.3, < 2.0)
    rspec-mocks (2.14.1)
    slop (3.4.5)
    subexec (0.2.3)
    tzinfo (0.3.37)

PLATFORMS
  ruby

DEPENDENCIES
  glebtv-carrierwave-mongoid!
  mini_magick
  pry
  rake (~> 10.0)
  rspec (~> 2.6)
